PATH
  remote: .
  specs:
    Layer::IdentityToken (0.0.1)
      jwt (~> 1.4.1)

GEM
  remote: https://rubygems.org/
  specs:
    coderay (1.1.0)
    jwt (1.4.1)
    method_source (0.8.2)
    pry (0.10.1)
      coderay (~> 1.1.0)
      method_source (~> 0.8.1)
      slop (~> 3.4)
    rake (10.4.2)
    slop (3.6.0)

PLATFORMS
  ruby

DEPENDENCIES
  Layer::IdentityToken!
  bundler (~> 1.3)
  pry
  rake
